GEM
  remote: https://rubygems.org/
  specs:
    dino (0.11.2)
      serialport
    json (1.8.1)
    serialport (1.2.3)

PLATFORMS
  ruby

DEPENDENCIES
  dino
  json
