GIT
  remote: git://github.com/efatsi/dino.git
  revision: 9202d8798f9f9c4ba6c80fddf8561c6bbbc5dd2d
  specs:
    dino (0.11.2)
      serialport

GEM
  remote: https://rubygems.org/
  specs:
    json (1.8.1)
    serialport (1.2.3)

PLATFORMS
  ruby

DEPENDENCIES
  dino!
  json
